GEM
  remote: https://rubygems.org/
  specs:
    coderay (1.1.3)
    method_source (1.0.0)
    mini_portile2 (2.8.5)
    nokogiri (1.16.2)
      mini_portile2 (~> 2.8.2)
      racc (~> 1.4)
    pry (0.13.1)
      coderay (~> 1.1)
      method_source (~> 1.0)
    racc (1.7.3)
    require_all (3.0.0)

PLATFORMS
  ruby

DEPENDENCIES
  nokogiri
  pry
  require_all

BUNDLED WITH
   2.0.1
